PATH
  remote: .
  specs:
    oscars_winning_films_cli (0.1.0)

GEM
  remote: https://rubygems.org/
  specs:
    rake (13.0.6)

PLATFORMS
  arm64-darwin-22

DEPENDENCIES
  oscars_winning_films_cli!
  rake (~> 13.0)

BUNDLED WITH
   2.4.1
